GEM
  remote: https://rubygems.org/
  specs:
    openssl (2.0.0.beta.2)
    rack (1.6.11)
    rack-protection (1.5.3)
      rack
    sinatra (1.4.5)
      rack (~> 1.4)
      rack-protection (~> 1.4)
      tilt (~> 1.3, >= 1.3.4)
    tilt (1.4.1)

PLATFORMS
  ruby

DEPENDENCIES
  openssl
  rack
  sinatra

BUNDLED WITH
   1.11.2
